PATH
  remote: .
  specs:
    pipedrive_client (0.0.1)

GEM
  remote: http://rubygems.org/
  specs:

PLATFORMS
  ruby

DEPENDENCIES
  pipedrive_client!
